PATH
  remote: .
  specs:
    SimpleCrawler (0.1.1)
      faraday
      faraday_middleware
      nokogiri

GEM
  remote: https://rubygems.org/
  specs:
    ast (2.3.0)
    diff-lcs (1.2.5)
    docile (1.1.5)
    faraday (0.9.2)
      multipart-post (>= 1.2, < 3)
    faraday_middleware (0.10.0)
      faraday (>= 0.7.4, < 0.10)
    json (2.0.2)
    mini_portile2 (2.1.0)
    multipart-post (2.0.0)
    nokogiri (1.6.8)
      mini_portile2 (~> 2.1.0)
      pkg-config (~> 1.1.7)
    parser (2.3.1.2)
      ast (~> 2.2)
    pkg-config (1.1.7)
    powerpack (0.1.1)
    rainbow (2.1.0)
    rake (10.5.0)
    rspec (3.5.0)
      rspec-core (~> 3.5.0)
      rspec-expectations (~> 3.5.0)
      rspec-mocks (~> 3.5.0)
    rspec-core (3.5.2)
      rspec-support (~> 3.5.0)
    rspec-expectations (3.5.0)
      diff-lcs (>= 1.2.0, < 2.0)
      rspec-support (~> 3.5.0)
    rspec-mocks (3.5.0)
      diff-lcs (>= 1.2.0, < 2.0)
      rspec-support (~> 3.5.0)
    rspec-support (3.5.0)
    rubocop (0.42.0)
      parser (>= 2.3.1.1, < 3.0)
      powerpack (~> 0.1)
      rainbow (>= 1.99.1, < 3.0)
      ruby-progressbar (~> 1.7)
      unicode-display_width (~> 1.0, >= 1.0.1)
    ruby-progressbar (1.8.1)
    simplecov (0.12.0)
      docile (~> 1.1.0)
      json (>= 1.8, < 3)
      simplecov-html (~> 0.10.0)
    simplecov-html (0.10.0)
    unicode-display_width (1.1.0)

PLATFORMS
  ruby

DEPENDENCIES
  SimpleCrawler!
  bundler (~> 1.12)
  rake (~> 10.0)
  rspec
  rubocop
  simplecov

BUNDLED WITH
   1.12.5
